GEM
  remote: https://rubygems.org/
  specs:
    activemodel (4.2.5)
      activesupport (= 4.2.5)
      builder (~> 3.1)
    activesupport (4.2.5)
      i18n (~> 0.7)
      json (~> 1.7, >= 1.7.7)
      minitest (~> 5.1)
      thread_safe (~> 0.3, >= 0.3.4)
      tzinfo (~> 1.1)
    builder (3.2.2)
    google_business_api_url_signer (0.1.3)
      activesupport (>= 3.2.0)
    google_distance_matrix (0.2.0)
      activemodel (>= 3.2.13)
      activesupport (>= 3.2.13)
      google_business_api_url_signer (~> 0.1.3)
    i18n (0.7.0)
    icalendar (2.4.1)
    json (1.8.3)
    mini_portile2 (2.4.0)
    minitest (5.8.3)
    nokogiri (1.10.10)
      mini_portile2 (~> 2.4.0)
    rack (1.6.4)
    rack-protection (1.5.3)
      rack
    redis (3.2.2)
    rmagick (2.16.0)
    ruby-ole (1.2.12)
    sinatra (1.4.6)
      rack (~> 1.4)
      rack-protection (~> 1.4)
      tilt (>= 1.3, < 3)
    spreadsheet (1.1.3)
      ruby-ole (>= 1.0)
    thread_safe (0.3.5)
    tilt (2.0.2)
    time_difference (0.4.2)
      activesupport
    tzinfo (1.2.2)
      thread_safe (~> 0.1)

PLATFORMS
  ruby

DEPENDENCIES
  bundler (>= 1.11.2)
  google_distance_matrix
  icalendar
  nokogiri
  redis (~> 3.2)
  rmagick
  sinatra
  spreadsheet
  time_difference

BUNDLED WITH
   1.11.2
